PATH
  remote: .
  specs:
    store_js_rails (0.1.0)

GEM
  remote: https://rubygems.org/
  specs:
    minitest (5.8.4)
    rake (10.5.0)

PLATFORMS
  ruby

DEPENDENCIES
  bundler (~> 1.11)
  minitest (~> 5.0)
  rake (~> 10.0)
  store_js_rails!

BUNDLED WITH
   1.11.2
